GEM
  remote: https://rubygems.org/
  specs:
    colored (1.2)
    mini_portile (0.6.2)
    minitest (5.5.0)
    minitest-debugger (1.0.2)
      minitest (~> 5.0)
    nokogiri (1.6.5)
      mini_portile (~> 0.6.0)
    ox (2.1.6)
    ruby_parser (3.6.3)
      sexp_processor (~> 4.1)
    sexp_processor (4.4.4)
    tomdoc (0.2.5)
      colored
      ruby_parser (>= 2.0.4)

PLATFORMS
  ruby

DEPENDENCIES
  minitest
  minitest-debugger
  nokogiri
  ox
  tomdoc
